GEM
  remote: http://rubygems.org/
  specs:
    activerecord (2.2.3)
      activesupport (= 2.2.3)
    activesupport (2.2.3)
    builder (3.0.0)
    camping (1.5.180)
      activesupport (>= 1.3.1)
      markaby (>= 0.5)
      metaid (> 0.0.0)
    cgi_multipart_eof_fix (2.5.0)
    daemons (1.1.0)
    fastthread (1.0.7)
    gem_plugin (0.2.3)
    markaby (0.7.1)
      builder (>= 2.0.0)
    metaid (1.0)
    mongrel (1.1.5)
      cgi_multipart_eof_fix (>= 2.4)
      daemons (>= 1.0.3)
      fastthread (>= 1.0.1)
      gem_plugin (>= 0.2.3)
    rubytorrent (0.3)
    sqlite3-ruby (1.2.5)

PLATFORMS
  ruby

DEPENDENCIES
  activerecord (~> 2.2.0)
  activesupport (~> 2.2.0)
  camping (>= 1.4.1)
  mongrel (>= 0.3.12.5)
  rubytorrent (>= 0.3)
  sqlite3-ruby (>= 1.1.0)
